GEM
  remote: http://rubygems.org/
  specs:
    coderay (0.9.8)
    httmultiparty (0.3.6)
      httparty (>= 0.7.3)
      multipart-post
    httparty (0.8.0)
      multi_json
      multi_xml
    json (1.6.0)
    method_source (0.6.5)
      ruby_parser (>= 2.0.5)
    multi_json (1.0.3)
    multi_xml (0.4.0)
    multipart-post (1.1.3)
    pry (0.9.5)
      coderay (>= 0.9.8)
      method_source (>= 0.6.5)
      ruby_parser (>= 2.0.5)
      slop (~> 2.1.0)
    ruby_parser (2.3.0)
      sexp_processor (~> 3.0)
    sexp_processor (3.0.6)
    slop (2.1.0)

PLATFORMS
  ruby

DEPENDENCIES
  httmultiparty
  httparty
  json
  pry
